{
  "PowerLineFrequency": 60,
  "SoftwareFilters": {
    "FilterDescription": {
      "Description": "4th order Bandpass (1-50Hz) OpenVibe"
    }
  },
  "EEGPlacementScheme": "10-20",
  "EEGReference": "common",
  "CapManufacturersModelName": "Unicorn Hybrid Black",
  "CapManufacturer": "G-Tech",
  "InstitutionAddress": "Monterrey, Mexico",
  "InstitutionName": "Tecnologico de Monterrey",
  "TaskName": "Edzna",
  "EEGChannelCount": 8,
  "RecordingType": "continuous",
  "RecordingDuration": 342.428,
  "SamplingFrequency": 250
}